GIT
  remote: git://github.com/libgit2/rugged.git
  revision: d9168b4b9f44f0c2eb4a668baf9d8ec16e3dedb0
  branch: development
  submodules: true
  specs:
    rugged (0.19.0)

GEM
  remote: http://rubygems.org/
  specs:
    ast (1.1.0)
    coderay (1.1.0)
    json (1.8.1)
    method_source (0.8.2)
    parser (2.1.7)
      ast (~> 1.1)
      slop (~> 3.4, >= 3.4.5)
    powerpack (0.0.9)
    pry (0.9.12.6)
      coderay (~> 1.0)
      method_source (~> 0.8)
      slop (~> 3.4)
    rainbow (2.0.0)
    rubocop (0.20.1)
      json (>= 1.7.7, < 2)
      parser (~> 2.1.7)
      powerpack (~> 0.0.6)
      rainbow (>= 1.99.1, < 3.0)
      ruby-progressbar (~> 1.4)
    ruby-progressbar (1.4.2)
    slop (3.5.0)

PLATFORMS
  ruby

DEPENDENCIES
  pry
  rubocop
  rugged!
